PATH
  remote: .
  specs:
    gsmetrics (0.1.6)
      google_drive (~> 0.3.1)

GEM
  specs:
    faraday (0.8.4)
      multipart-post (~> 1.1)
    google_drive (0.3.2)
      nokogiri (>= 1.4.4, != 1.5.2, != 1.5.1)
      oauth (>= 0.3.6)
      oauth2 (>= 0.5.0)
    httpauth (0.2.0)
    jwt (0.1.5)
      multi_json (>= 1.0)
    multi_json (1.3.6)
    multipart-post (1.1.5)
    nokogiri (1.5.5)
    oauth (0.4.7)
    oauth2 (0.8.0)
      faraday (~> 0.8)
      httpauth (~> 0.1)
      jwt (~> 0.1.4)
      multi_json (~> 1.0)
      rack (~> 1.2)
    rack (1.4.1)

PLATFORMS
  ruby

DEPENDENCIES
  gsmetrics!
